GEM
  remote: https://rubygems.org/
  specs:
    ruby2d (0.10.0)

PLATFORMS
  ruby

DEPENDENCIES
  ruby2d (~> 0.10.0)

BUNDLED WITH
   2.1.4
